NUGET
  remote: http://nuget.org/api/v2
  specs:
    FAKE (4.7.3)
    NuGet.CommandLine (2.8.6)

GROUP Test
NUGET
  remote: http://nuget.org/api/v2
  specs:
    FsCheck (2.2.0)
      FSharp.Core (>= 3.1.2.5 < 3.1.3)
    FsCheck.Nunit (2.2.0)
      FsCheck (>= 2.2.0)
      NUnit (>= 2.6.4 < 2.7.0)
      NUnit.Runners (>= 2.6.4 < 2.7.0)
    FSharp.Core (3.1.2.5) - redirects: on
    NUnit (2.6.4)
    NUnit.Runners (2.6.4)
    Unquote (3.1.0)
